GEM
  remote: https://rubygems.org/
  specs:
    minitest (5.24.1)

PLATFORMS
  x86-mingw32

DEPENDENCIES
  minitest (~> 5.24, >= 5.24.1)

BUNDLED WITH
   2.2.3
